GEM
  remote: http://rubygems.org/
  specs:
    excon (0.16.10)
    haml (3.1.2)
    heroku-nav (0.1.24)
      json
      rest-client (>= 1.0)
    json (1.6.1)
    mime-types (1.16)
    multi_json (1.5.0)
    oj (2.0.0)
    pg (0.14.1)
    puma (1.6.3)
      rack (~> 1.2)
    rack (1.5.1)
    rack-instruments (0.1.10)
      slides (~> 0.1.9)
    rack-protection (1.3.2)
      rack
    rack-ssl (1.3.2)
      rack
    rest-client (1.6.7)
      mime-types (>= 1.16)
    sequel (3.41.0)
    sinatra (1.3.4)
      rack (~> 1.4)
      rack-protection (~> 1.3)
      tilt (~> 1.3, >= 1.3.3)
    sinatra-router (0.2.0)
      sinatra (~> 1.3.3)
    slides (0.1.10)
    tilt (1.3.3)

PLATFORMS
  ruby

DEPENDENCIES
  excon
  haml
  heroku-nav (~> 0.1.24)
  json
  multi_json
  oj
  pg
  puma
  rack-instruments
  rack-ssl
  sequel
  sinatra
  sinatra-router
