GEM
  remote: http://rubygems.org/
  specs:
    haml (3.1.2)
    heroku-nav (0.1.24)
      json
      rest-client (>= 1.0)
    json (1.6.1)
    mime-types (1.16)
    puma (1.6.3)
      rack (~> 1.2)
    rack (1.3.4)
    rack-instruments (0.1.10)
      slides (~> 0.1.9)
    rack-protection (1.1.4)
      rack
    rack-ssl (1.3.2)
      rack
    rest-client (1.6.7)
      mime-types (>= 1.16)
    sinatra (1.3.1)
      rack (~> 1.3, >= 1.3.4)
      rack-protection (~> 1.1, >= 1.1.2)
      tilt (~> 1.3, >= 1.3.3)
    slides (0.1.10)
    tilt (1.3.3)

PLATFORMS
  ruby

DEPENDENCIES
  haml
  heroku-nav (~> 0.1.24)
  json
  puma
  rack-instruments
  rack-ssl
  sinatra
